GEM
  remote: https://rubygems.org/
  specs:
    foreman (0.83.0)
      thor (~> 0.19.1)
    redis (3.3.3)
    thor (0.19.4)

PLATFORMS
  ruby

DEPENDENCIES
  foreman
  redis

BUNDLED WITH
   1.14.4
